GIT
  remote: https://github.com/MushroomObserver/acts_as_versioned/
  revision: 59a408816683875d14e1cce66b0feb493ab06747
  specs:
    cure_acts_as_versioned (0.6.3)
      activerecord (>= 3.0.9)

GIT
  remote: https://github.com/rmosolgo/graphiql-rails.git
  revision: 6b34eb17bf13262eef6edf9a069cfc69b5db9708
  ref: 6b34eb1
  specs:
    graphiql-rails (1.8.0)
      railties
      sprockets-rails

GEM
  remote: https://rubygems.org/
  specs:
    RedCloth (4.3.2)
    actioncable (5.2.7.1)
      actionpack (= 5.2.7.1)
      nio4r (~> 2.0)
      websocket-driver (>= 0.6.1)
    actionmailer (5.2.7.1)
      actionpack (= 5.2.7.1)
      actionview (= 5.2.7.1)
      activejob (= 5.2.7.1)
      mail (~> 2.5, >= 2.5.4)
      rails-dom-testing (~> 2.0)
    actionpack (5.2.7.1)
      actionview (= 5.2.7.1)
      activesupport (= 5.2.7.1)
      rack (~> 2.0, >= 2.0.8)
      rack-test (>= 0.6.3)
      rails-dom-testing (~> 2.0)
      rails-html-sanitizer (~> 1.0, >= 1.0.2)
    actionview (5.2.7.1)
      activesupport (= 5.2.7.1)
      builder (~> 3.1)
      erubi (~> 1.4)
      rails-dom-testing (~> 2.0)
      rails-html-sanitizer (~> 1.0, >= 1.0.3)
    activejob (5.2.7.1)
      activesupport (= 5.2.7.1)
      globalid (>= 0.3.6)
    activemodel (5.2.7.1)
      activesupport (= 5.2.7.1)
    activerecord (5.2.7.1)
      activemodel (= 5.2.7.1)
      activesupport (= 5.2.7.1)
      arel (>= 9.0)
    activestorage (5.2.7.1)
      actionpack (= 5.2.7.1)
      activerecord (= 5.2.7.1)
      marcel (~> 1.0.0)
    activesupport (5.2.7.1)
      concurrent-ruby (~> 1.0, >= 1.0.2)
      i18n (>= 0.7, < 2)
      minitest (~> 5.1)
      tzinfo (~> 1.1)
    addressable (2.8.0)
      public_suffix (>= 2.0.2, < 5.0)
    ansi (1.5.0)
    arel (9.0.0)
    arel-helpers (2.14.0)
      activerecord (>= 3.1.0, < 8)
    arel_extensions (1.3.4)
      arel (>= 6.0)
    ast (2.4.2)
    autoprefixer-rails (10.4.2.0)
      execjs (~> 2)
    bindex (0.8.1)
    blankslate (3.1.3)
    bootstrap-sass (3.4.1)
      autoprefixer-rails (>= 5.2.1)
      sassc (>= 2.0.0)
    brakeman (5.2.2)
    browser (5.3.1)
    builder (3.2.4)
    bullet (7.0.1)
      activesupport (>= 3.0.0)
      uniform_notifier (~> 1.11)
    byebug (11.1.3)
    capybara (3.36.0)
      addressable
      matrix
      mini_mime (>= 0.1.3)
      nokogiri (~> 1.8)
      rack (>= 1.6.0)
      rack-test (>= 0.6.3)
      regexp_parser (>= 1.5, < 3.0)
      xpath (~> 3.2)
    coffee-rails (5.0.0)
      coffee-script (>= 2.2.0)
      railties (>= 5.2.0)
    coffee-script (2.4.1)
      coffee-script-source
      execjs
    coffee-script-source (1.12.2)
    concurrent-ruby (1.1.10)
    crack (0.4.5)
      rexml
    crass (1.0.6)
    date (3.2.2)
    docile (1.4.0)
    erubi (1.10.0)
    execjs (2.8.1)
    ffi (1.15.5)
    globalid (1.0.0)
      activesupport (>= 5.0)
    graphql (2.0.7)
    graphql-batch (0.5.1)
      graphql (>= 1.10, < 3)
      promise.rb (~> 0.7.2)
    graphql-connections (1.2.0)
      activerecord (>= 5)
      graphql (>= 1.10, < 3.0)
    hashdiff (1.0.1)
    i18n (1.10.0)
      concurrent-ruby (~> 1.0)
    jbuilder (2.11.5)
      actionview (>= 5.0.0)
      activesupport (>= 5.0.0)
    jquery-rails (4.4.0)
      rails-dom-testing (>= 1, < 3)
      railties (>= 4.2.0)
      thor (>= 0.14, < 2.0)
    jquery-slick-rails (1.10.0)
      railties (>= 3.1)
    kaminari (1.2.2)
      activesupport (>= 4.1.0)
      kaminari-actionview (= 1.2.2)
      kaminari-activerecord (= 1.2.2)
      kaminari-core (= 1.2.2)
    kaminari-actionview (1.2.2)
      actionview
      kaminari-core (= 1.2.2)
    kaminari-activerecord (1.2.2)
      activerecord
      kaminari-core (= 1.2.2)
    kaminari-core (1.2.2)
    kgio (2.11.4)
    libv8-node (16.10.0.0)
    libv8-node (16.10.0.0-x86_64-linux)
    loofah (2.17.0)
      crass (~> 1.0.2)
      nokogiri (>= 1.5.9)
    mail (2.7.0)
      mini_mime (>= 0.1.1)
    marcel (1.0.2)
    matrix (0.4.2)
    method_source (1.0.0)
    mimemagic (0.4.3)
      nokogiri (~> 1)
      rake
    mini_mime (1.1.2)
    mini_portile2 (2.8.0)
    mini_racer (0.6.2)
      libv8-node (~> 16.10.0.0)
    minitest (5.15.0)
    minitest-reporters (1.5.0)
      ansi
      builder
      minitest (>= 5.0)
      ruby-progressbar
    mocha (1.14.0)
    mry (0.78.0.0)
      rubocop (>= 0.41.0)
    mysql2 (0.5.3)
    nio4r (2.5.8)
    nokogiri (1.13.4)
      mini_portile2 (~> 2.8.0)
      racc (~> 1.4)
    nokogiri (1.13.4-x86_64-linux)
      racc (~> 1.4)
    parallel (1.22.1)
    parser (3.1.2.0)
      ast (~> 2.4.1)
    promise.rb (0.7.4)
    public_suffix (4.0.7)
    racc (1.6.0)
    rack (2.2.3)
    rack-cors (1.1.1)
      rack (>= 2.0.0)
    rack-test (1.1.0)
      rack (>= 1.0, < 3)
    rails (5.2.7.1)
      actioncable (= 5.2.7.1)
      actionmailer (= 5.2.7.1)
      actionpack (= 5.2.7.1)
      actionview (= 5.2.7.1)
      activejob (= 5.2.7.1)
      activemodel (= 5.2.7.1)
      activerecord (= 5.2.7.1)
      activestorage (= 5.2.7.1)
      activesupport (= 5.2.7.1)
      bundler (>= 1.3.0)
      railties (= 5.2.7.1)
      sprockets-rails (>= 2.0.0)
    rails-controller-testing (1.0.5)
      actionpack (>= 5.0.1.rc1)
      actionview (>= 5.0.1.rc1)
      activesupport (>= 5.0.1.rc1)
    rails-dom-testing (2.0.3)
      activesupport (>= 4.2.0)
      nokogiri (>= 1.6)
    rails-html-sanitizer (1.4.2)
      loofah (~> 2.3)
    rails_db (2.3.1)
      activerecord
      kaminari
      rails (>= 5.0.0)
      ransack (>= 2.3.2)
      simple_form (>= 5.0.1)
      terminal-table
    railties (5.2.7.1)
      actionpack (= 5.2.7.1)
      activesupport (= 5.2.7.1)
      method_source
      rake (>= 0.8.7)
      thor (>= 0.19.0, < 2.0)
    rainbow (3.1.1)
    raindrops (0.20.0)
    rake (13.0.6)
    ransack (2.5.0)
      activerecord (>= 5.2.4)
      activesupport (>= 5.2.4)
      i18n
    regexp_parser (2.3.1)
    rexml (3.2.5)
    rtf (0.3.3)
    rubocop (0.89.0)
      parallel (~> 1.10)
      parser (>= 2.7.1.1)
      rainbow (>= 2.2.2, < 4.0)
      regexp_parser (>= 1.7)
      rexml
      rubocop-ast (>= 0.1.0, < 1.0)
      ruby-progressbar (~> 1.7)
      unicode-display_width (>= 1.4.0, < 2.0)
    rubocop-ast (0.8.0)
      parser (>= 2.7.1.5)
    rubocop-graphql (0.14.2)
      rubocop (>= 0.87, < 2)
    rubocop-performance (1.8.1)
      rubocop (>= 0.87.0)
      rubocop-ast (>= 0.4.0)
    rubocop-rails (2.8.1)
      activesupport (>= 4.2.0)
      rack (>= 1.1)
      rubocop (>= 0.87.0)
    ruby-progressbar (1.11.0)
    rubyzip (2.3.2)
    sassc (2.4.0)
      ffi (~> 1.9)
    sassc-rails (2.1.2)
      railties (>= 4.0.0)
      sassc (>= 2.0)
      sprockets (> 3.0)
      sprockets-rails
      tilt
    simple_enum (2.3.2)
      activesupport (>= 4.0.0)
    simple_form (5.1.0)
      actionpack (>= 5.2)
      activemodel (>= 5.2)
    simplecov (0.21.2)
      docile (~> 1.1)
      simplecov-html (~> 0.11)
      simplecov_json_formatter (~> 0.1)
    simplecov-html (0.12.3)
    simplecov-lcov (0.8.0)
    simplecov_json_formatter (0.1.4)
    sprockets (4.0.3)
      concurrent-ruby (~> 1.0)
      rack (> 1, < 3)
    sprockets-rails (3.4.2)
      actionpack (>= 5.2)
      activesupport (>= 5.2)
      sprockets (>= 3.0.0)
    terminal-table (3.0.2)
      unicode-display_width (>= 1.1.1, < 3)
    thor (1.2.1)
    thread_safe (0.3.6)
    tilt (2.0.10)
    tzinfo (1.2.9)
      thread_safe (~> 0.1)
    uglifier (4.2.0)
      execjs (>= 0.3.0, < 3)
    unicode-display_width (1.8.0)
    unicorn (5.4.1)
      kgio (~> 2.6)
      raindrops (~> 0.7)
    uniform_notifier (1.16.0)
    web-console (3.7.0)
      actionview (>= 5.0)
      activemodel (>= 5.0)
      bindex (>= 0.4.0)
      railties (>= 5.0)
    webmock (3.14.0)
      addressable (>= 2.8.0)
      crack (>= 0.3.2)
      hashdiff (>= 0.4.0, < 2.0.0)
    webrick (1.7.0)
    websocket-driver (0.7.5)
      websocket-extensions (>= 0.1.0)
    websocket-extensions (0.1.5)
    xmlrpc (0.3.2)
      webrick
    xpath (3.2.0)
      nokogiri (~> 1.8)

PLATFORMS
  ruby
  x86_64-linux

DEPENDENCIES
  RedCloth
  activestorage (>= 5.2.6.3)
  arel-helpers
  arel_extensions
  blankslate
  bootstrap-sass
  brakeman
  browser
  bullet
  byebug
  capybara
  coffee-rails
  cure_acts_as_versioned!
  date (>= 3.2.1)
  graphiql-rails!
  graphql
  graphql-batch
  graphql-connections
  i18n
  jbuilder
  jquery-rails
  jquery-slick-rails
  mail (= 2.7.0)
  mimemagic
  mini_racer
  minitest
  minitest-reporters
  mocha
  mry
  mysql2
  rack-cors
  rails (~> 5.2.2)
  rails-controller-testing
  rails_db (~> 2.3.0)
  rtf
  rubocop (= 0.89)
  rubocop-graphql
  rubocop-performance
  rubocop-rails
  rubyzip
  sassc-rails
  simple_enum
  simplecov
  simplecov-lcov
  sprockets
  uglifier
  unicorn (= 5.4.1)
  web-console
  webmock
  xmlrpc

BUNDLED WITH
   2.3.13
